GEM
  remote: https://rubygems.org/
  specs:
    kiba (4.0.0)
    rake (13.0.6)

PLATFORMS
  x86_64-linux

DEPENDENCIES
  kiba
  rake

BUNDLED WITH
   2.3.15
